GEM
  remote: https://rubygems.org/
  specs:
    faraday (0.9.0)
      multipart-post (>= 1.2, < 3)
    faraday_middleware (0.9.1)
      faraday (>= 0.7.4, < 0.10)
    google_places (0.24.0)
      httparty (~> 0.13.1)
    httparty (0.13.1)
      json (~> 1.8)
      multi_xml (>= 0.5.2)
    json (1.8.1)
    multi_xml (0.5.5)
    multipart-post (2.0.0)
    sequel (3.47.0)
    simple_oauth (0.2.0)
    sqlite3 (1.3.9)
    yelp (2.0.3)
      faraday (~> 0.8, >= 0.8.0)
      faraday_middleware (~> 0.8, >= 0.8.0)
      simple_oauth (~> 0.2, >= 0.2.0)

PLATFORMS
  ruby

DEPENDENCIES
  google_places
  json
  sequel (< 3.48.0)
  sqlite3
  yelp
